GEM
  remote: https://rubygems.org/
  specs:
    concurrent-ruby (1.0.4)
    connection_pool (2.2.1)
    rack (2.0.1)
    rack-protection (1.5.3)
      rack
    rake (12.0.0)
    redis (3.3.2)
    sidekiq (4.2.7)
      concurrent-ruby (~> 1.0)
      connection_pool (~> 2.2, >= 2.2.0)
      rack-protection (>= 1.5.0)
      redis (~> 3.2, >= 3.2.1)
    sidekiq-unique-jobs (4.0.18)
      sidekiq (>= 2.6)
      thor
    thor (0.19.4)

PLATFORMS
  ruby

DEPENDENCIES
  rake
  sidekiq
  sidekiq-unique-jobs

RUBY VERSION
   ruby 2.2.2p95

BUNDLED WITH
   1.13.6
